GEM
  remote: https://rubygems.org/
  specs:
    diff-lcs (1.3)
    httparty (0.14.0)
      multi_xml (>= 0.5.2)
    mini_portile2 (2.1.0)
    multi_xml (0.6.0)
    nokogiri (1.7.0.1)
      mini_portile2 (~> 2.1.0)
    rspec (3.5.0)
      rspec-core (~> 3.5.0)
      rspec-expectations (~> 3.5.0)
      rspec-mocks (~> 3.5.0)
    rspec-core (3.5.4)
      rspec-support (~> 3.5.0)
    rspec-expectations (3.5.0)
      diff-lcs (>= 1.2.0, < 2.0)
      rspec-support (~> 3.5.0)
    rspec-mocks (3.5.0)
      diff-lcs (>= 1.2.0, < 2.0)
      rspec-support (~> 3.5.0)
    rspec-support (3.5.0)

PLATFORMS
  ruby

DEPENDENCIES
  httparty (= 0.14.0)
  nokogiri (= 1.7.0.1)
  rspec (~> 3.5)

BUNDLED WITH
   1.14.3
